GIT
  remote: https://github.com/jedi4ever/veewee.git
  revision: 164a10dd246ed67c0a9a655b915eb0c1d6144203
  ref: 164a10dd24
  specs:
    veewee (0.3.7)
      ansi (~> 1.3.0)
      childprocess
      fission (= 0.4.0)
      fog (~> 1.8)
      grit
      highline
      i18n
      json
      net-ssh (>= 2.2.0)
      popen4 (~> 0.1.2)
      progressbar
      ruby-vnc (~> 1.0.0)
      thor (~> 0.15)

GIT
  remote: https://github.com/mitchellh/vagrant.git
  revision: 7e400d00a3c5a0fdf2809c8b5001a035415a607b
  tag: v1.2.2
  specs:
    vagrant (1.2.2)
      childprocess (~> 0.3.7)
      erubis (~> 2.7.0)
      i18n (~> 0.6.0)
      json (>= 1.5.1, < 1.8.0)
      log4r (~> 1.1.9)
      net-scp (~> 1.1.0)
      net-ssh (~> 2.6.6)

GIT
  remote: https://github.com/sneal/vagrant-windows.git
  revision: fbe11646d674e2ee5253089b958fdc2e573aab78
  branch: vagrant-1.1-plugin-architecture-vbox4.1
  specs:
    vagrant-windows (0.2.0)
      highline
      winrm (~> 1.1.1)

GEM
  remote: https://rubygems.org/
  specs:
    CFPropertyList (2.0.17)
      libxml-ruby (>= 1.1.0)
      rake (>= 0.7.0)
    Platform (0.4.0)
    akami (1.2.0)
      gyoku (>= 0.4.0)
      nokogiri (>= 1.4.0)
    ansi (1.3.0)
    builder (3.2.0)
    childprocess (0.3.9)
      ffi (~> 1.0, >= 1.0.11)
    diff-lcs (1.2.3)
    em-winrm (0.5.4)
      eventmachine (= 1.0.0.beta.3)
      mixlib-log (>= 1.3.0)
      uuidtools (~> 2.1.1)
      winrm (~> 1.1.0)
    erubis (2.7.0)
    eventmachine (1.0.0.beta.3)
    excon (0.20.1)
    ffi (1.7.0)
    fission (0.4.0)
      CFPropertyList (~> 2.0.17)
    fog (1.10.1)
      builder
      excon (~> 0.20)
      formatador (~> 0.2.0)
      mime-types
      multi_json (~> 1.0)
      net-scp (~> 1.1)
      net-ssh (>= 2.1.3)
      nokogiri (~> 1.5.0)
      ruby-hmac
    formatador (0.2.4)
    grit (2.5.0)
      diff-lcs (~> 1.1)
      mime-types (~> 1.15)
      posix-spawn (~> 0.3.6)
    gssapi (1.0.3)
      ffi (>= 1.0.1)
    gyoku (1.0.0)
      builder (>= 2.1.2)
    highline (1.6.18)
    httpclient (2.2.0.2)
    httpi (0.9.7)
      rack
    i18n (0.6.4)
    json (1.7.7)
    libxml-ruby (2.6.0)
    little-plugger (1.1.3)
    log4r (1.1.10)
    logging (1.6.2)
      little-plugger (>= 1.1.3)
    mime-types (1.22)
    mixlib-log (1.6.0)
    multi_json (1.7.2)
    net-scp (1.1.0)
      net-ssh (>= 2.6.5)
    net-ssh (2.6.7)
    nokogiri (1.5.9)
    nori (1.1.5)
    open4 (1.3.0)
    popen4 (0.1.2)
      Platform (>= 0.4.0)
      open4 (>= 0.4.0)
    posix-spawn (0.3.6)
    progressbar (0.20.0)
    rack (1.5.2)
    rake (10.0.4)
    ruby-hmac (0.4.0)
    ruby-vnc (1.0.1)
    rubyntlm (0.1.1)
    savon (0.9.5)
      akami (~> 1.0)
      builder (>= 2.1.2)
      gyoku (>= 0.4.0)
      httpi (~> 0.9)
      nokogiri (>= 1.4.0)
      nori (~> 1.0)
      wasabi (~> 1.0)
    thor (0.18.1)
    uuidtools (2.1.3)
    wasabi (1.0.0)
      nokogiri (>= 1.4.0)
    winrm (1.1.2)
      gssapi (~> 1.0.0)
      httpclient (~> 2.2.0.2)
      logging (~> 1.6.1)
      nokogiri (~> 1.5.0)
      rubyntlm (~> 0.1.1)
      savon (= 0.9.5)
      uuidtools (~> 2.1.2)

PLATFORMS
  ruby

DEPENDENCIES
  em-winrm
  rake
  vagrant!
  vagrant-windows!
  veewee!
